GEM
  remote: http://rubygems.org/
  specs:
    dalli (2.5.0)
    diff-lcs (1.1.3)
    ir_b (1.5.0)
    mime-types (1.19)
    rest-client (1.6.7)
      mime-types (>= 1.16)
    rspec (2.11.0)
      rspec-core (~> 2.11.0)
      rspec-expectations (~> 2.11.0)
      rspec-mocks (~> 2.11.0)
    rspec-core (2.11.1)
    rspec-expectations (2.11.3)
      diff-lcs (~> 1.1.3)
    rspec-mocks (2.11.3)
    socketio-client (0.0.2)
      rest-client

PLATFORMS
  ruby

DEPENDENCIES
  dalli
  ir_b
  rspec
  socketio-client
